PATH
  remote: .
  specs:
    compass-sprites (1.0.0.alpha.17)
      chunky_png (~> 1.2.9)

PATH
  remote: /Volumes/SSD/oss/compass/cli
  specs:
    compass (1.0.0.alpha.17)
      chunky_png (~> 1.2)
      compass-core (~> 1.0.0.alpha.16)
      compass-import-once (~> 1.0.1)
      json
      listen (~> 1.1.0)
      sass (~> 3.3.0.rc.1)

PATH
  remote: /Volumes/SSD/oss/compass/core
  specs:
    compass-core (1.0.0.alpha.16)
      multi_json (~> 1.0)
      sass (>= 3.3.rc.1)

PATH
  remote: /Volumes/SSD/oss/compass/import-once
  specs:
    compass-import-once (1.0.1)

GEM
  remote: https://rubygems.org/
  specs:
    chunky_png (1.2.9)
    diff-lcs (1.1.3)
    ffi (1.9.3)
    json (1.8.1)
    listen (1.1.6)
      rb-fsevent (>= 0.9.3)
      rb-inotify (>= 0.9)
      rb-kqueue (>= 0.2)
    metaclass (0.0.1)
    mocha (0.14.0)
      metaclass (~> 0.0.1)
    multi_json (1.8.4)
    oily_png (1.1.0)
      chunky_png (~> 1.2.7)
    rake (10.1.1)
    rb-fsevent (0.9.4)
    rb-inotify (0.9.3)
      ffi (>= 0.5.0)
    rb-kqueue (0.2.0)
      ffi (>= 0.5.0)
    sass (3.3.0.rc.2)
      listen (~> 1.1.0)
    true (0.2.0.rc.4)
      sass (~> 3.3.0.rc.1)

PLATFORMS
  ruby

DEPENDENCIES
  bundler (~> 1.3)
  compass!
  compass-core!
  compass-import-once!
  compass-sprites!
  diff-lcs (~> 1.1.2)
  mocha (~> 0.14.0)
  oily_png (~> 1.1.0)
  rake
  true (>= 0.2.0.rc.3)
